PATH
  remote: .
  specs:
    dagenerator (0.0.1)
      activesupport (~> 5)
      factory_girl (~> 4.8)
      faker (~> 1.7)

GEM
  remote: https://rubygems.org/
  specs:
    activesupport (5.0.2)
      concurrent-ruby (~> 1.0, >= 1.0.2)
      i18n (~> 0.7)
      minitest (~> 5.1)
      tzinfo (~> 1.1)
    concurrent-ruby (1.0.5)
    factory_girl (4.8.0)
      activesupport (>= 3.0.0)
    faker (1.7.3)
      i18n (~> 0.5)
    i18n (0.8.1)
    minitest (5.10.1)
    thread_safe (0.3.6)
    tzinfo (1.2.2)
      thread_safe (~> 0.1)

PLATFORMS
  ruby

DEPENDENCIES
  dagenerator!

BUNDLED WITH
   1.14.5
